PATH
  remote: .
  specs:
    the_freemind_search (0.0.1)
      htmlentities (~> 4.3)

GEM
  remote: https://rubygems.org/
  specs:
    htmlentities (4.3.1)

PLATFORMS
  ruby

DEPENDENCIES
  bundler (~> 1.0)
  the_freemind_search!
